PATH
  remote: .
  specs:
    logirel (0.2.0)
      albacore (~> 0.2.7)
      bundler (~> 1.0.14)
      nokogiri (~> 1.4.4)
      rubyzip (~> 0.9.4)
      semver2 (~> 2.0.0)
      thor (~> 0.14.6)
      uuidtools (~> 2.1.2)

GEM
  remote: http://rubygems.org/
  specs:
    albacore (0.2.7)
      rubyzip (~> 0.9)
    devver-construct (1.1.0)
    diff-lcs (1.1.2)
    memoize (1.3.1)
    nokogiri (1.4.7-x86-mingw32)
    rspec (2.6.0)
      rspec-core (~> 2.6.0)
      rspec-expectations (~> 2.6.0)
      rspec-mocks (~> 2.6.0)
    rspec-core (2.6.4)
    rspec-expectations (2.6.0)
      diff-lcs (~> 1.1.2)
    rspec-mocks (2.6.0)
    rubyzip (0.9.4)
    semver2 (2.0.0)
    thor (0.14.6)
    uuidtools (2.1.2)

PLATFORMS
  x86-mingw32

DEPENDENCIES
  devver-construct
  logirel!
  memoize
  rspec (~> 2.6.0)
